GEM
  remote: http://rubygems.org/
  specs:
    webrick (1.6.0)

PLATFORMS
  x64-mingw32

DEPENDENCIES
  webrick

BUNDLED WITH
   1.17.2
